GEM
  remote: https://rubygems.org/
  specs:
    rainbow (2.0.0)
    sass (3.4.5)
    scss-lint (0.33.0)
      rainbow (~> 2.0)
      sass (~> 3.4.1)

PLATFORMS
  java
  ruby

DEPENDENCIES
  scss-lint

BUNDLED WITH
   1.10.6
